GEM
  remote: https://rubygems.org/
  specs:
    bosh-template (2.4.0)
      semi_semantic (~> 1.2.0)
    semi_semantic (1.2.0)

PLATFORMS
  ruby
  x86_64-linux-gnu

DEPENDENCIES
  bosh-template

RUBY VERSION
   ruby 3.2.3p157

BUNDLED WITH
   2.5.20
